GEM
  remote: https://rubygems.org/
  specs:
    awesome_print (1.1.0)
    bitly (0.8.1)
      crack (>= 0.1.4)
      httparty (>= 0.7.6)
      oauth2 (>= 0.5.0, < 0.9)
    crack (0.3.2)
    daemons (1.1.9)
    eventmachine (1.0.0)
    eventmachine_httpserver (0.2.1)
    faraday (0.8.5)
      multipart-post (~> 1.1)
    httparty (0.10.2)
      multi_json (~> 1.0)
      multi_xml (>= 0.5.2)
    httpauth (0.2.0)
    jwt (0.1.5)
      multi_json (>= 1.0)
    minitest (4.6.0)
    minitest-ci (2.4.0)
      minitest (>= 3.0, < 5.0)
    multi_json (1.5.0)
    multi_xml (0.5.3)
    multipart-post (1.1.5)
    oauth2 (0.8.0)
      faraday (~> 0.8)
      httpauth (~> 0.1)
      jwt (~> 0.1.4)
      multi_json (~> 1.0)
      rack (~> 1.2)
    rack (1.5.2)
    rake (10.0.3)
    rr (1.0.4)
    simple_oauth (0.2.0)
    twitter (4.5.0)
      faraday (~> 0.8, < 0.10)
      multi_json (~> 1.0)
      simple_oauth (~> 0.2)
    yajl-ruby (1.1.0)

PLATFORMS
  ruby

DEPENDENCIES
  awesome_print
  bitly
  daemons
  eventmachine
  eventmachine_httpserver
  minitest
  minitest-ci
  rake
  rr
  twitter
  yajl-ruby
