GEM
  remote: https://rubygems.org/
  specs:
    awesome_print (1.1.0)
    bitly (0.9.0)
      httparty (>= 0.7.6)
      multi_json (~> 1.3)
      oauth2 (>= 0.5.0, < 0.9)
    coderay (1.0.9)
    daemons (1.1.9)
    eventmachine (1.0.3)
    eventmachine_httpserver (0.2.1)
    faraday (0.8.7)
      multipart-post (~> 1.1)
    httparty (0.11.0)
      multi_json (~> 1.0)
      multi_xml (>= 0.5.2)
    httpauth (0.2.0)
    jwt (0.1.8)
      multi_json (>= 1.5)
    method_source (0.8.1)
    minitest (4.7.4)
    minitest-ci (2.4.0)
      minitest (>= 3.0, < 5.0)
    multi_json (1.7.3)
    multi_xml (0.5.3)
    multipart-post (1.2.0)
    oauth2 (0.8.1)
      faraday (~> 0.8)
      httpauth (~> 0.1)
      jwt (~> 0.1.4)
      multi_json (~> 1.0)
      rack (~> 1.2)
    pry (0.9.12.2)
      coderay (~> 1.0.5)
      method_source (~> 0.8)
      slop (~> 3.4)
    rack (1.5.2)
    rake (10.0.4)
    simple_oauth (0.2.0)
    simplecov (0.7.1)
      multi_json (~> 1.0)
      simplecov-html (~> 0.7.1)
    simplecov-html (0.7.1)
    simplecov-rcov (0.2.3)
      simplecov (>= 0.4.1)
    slop (3.4.5)
    twitter (4.6.2)
      faraday (~> 0.8, < 0.10)
      multi_json (~> 1.0)
      simple_oauth (~> 0.2)
    yajl-ruby (1.1.0)

PLATFORMS
  ruby

DEPENDENCIES
  awesome_print
  bitly
  daemons
  eventmachine
  eventmachine_httpserver
  minitest
  minitest-ci
  pry
  rake
  simplecov
  simplecov-rcov
  twitter
  yajl-ruby
